PATH
  remote: .
  specs:
    router_crypt (0.4.1)
      slop (~> 4.4)

GEM
  remote: https://rubygems.org/
  specs:
    diff-lcs (1.3)
    rake (12.3.1)
    rspec (3.7.0)
      rspec-core (~> 3.7.0)
      rspec-expectations (~> 3.7.0)
      rspec-mocks (~> 3.7.0)
    rspec-core (3.7.1)
      rspec-support (~> 3.7.0)
    rspec-expectations (3.7.0)
      diff-lcs (>= 1.2.0, < 2.0)
      rspec-support (~> 3.7.0)
    rspec-mocks (3.7.0)
      diff-lcs (>= 1.2.0, < 2.0)
      rspec-support (~> 3.7.0)
    rspec-support (3.7.1)
    slop (4.6.2)

PLATFORMS
  ruby

DEPENDENCIES
  rake
  router_crypt!
  rspec

BUNDLED WITH
   1.16.1
